GEM
  remote: https://rubygems.org/
  specs:
    crxmake (2.2.0)
      rubyzip (~> 1.1.0)
    rake (10.1.0)
    rubyzip (1.1.0)

PLATFORMS
  ruby

DEPENDENCIES
  crxmake
  rake
